GEM
  remote: https://rubygems.org/
  specs:
    airbrussh (1.0.2)
      sshkit (>= 1.6.1, != 1.7.0)
    capistrano (3.5.0)
      airbrussh (>= 1.0.0)
      capistrano-harrow
      i18n
      rake (>= 10.0.0)
      sshkit (>= 1.9.0)
    capistrano-bower (1.1.0)
      capistrano (~> 3.0)
    capistrano-composer (0.0.6)
      capistrano (>= 3.0.0.pre)
    capistrano-file-permissions (1.0.0)
      capistrano (~> 3.0)
    capistrano-harrow (0.5.2)
    capistrano-laravel (0.0.3)
      capistrano (~> 3.0)
      capistrano-composer (~> 0.0.6)
      capistrano-file-permissions (~> 1.0)
    capistrano-scm-copy (0.7.0)
      capistrano (~> 3.0)
    capistrano-scm-gitcopy (0.1.4)
      capistrano (~> 3.0)
    capistrano-scm-local (0.1.24)
      capistrano (~> 3.1)
      minitar (~> 0.5.4)
    i18n (0.7.0)
    json (2.1.0)
    minitar (0.5.4)
    net-scp (1.2.1)
      net-ssh (>= 2.6.5)
    net-ssh (3.2.0)
    rake (11.2.2)
    slackistrano (3.0.1)
      capistrano (>= 3.5.0)
      json
    sshkit (1.11.1)
      net-scp (>= 1.1.2)
      net-ssh (>= 2.8.0)

PLATFORMS
  ruby
  x86-mingw32

DEPENDENCIES
  capistrano (~> 3.5.0)
  capistrano-bower
  capistrano-composer
  capistrano-laravel
  capistrano-scm-copy
  capistrano-scm-gitcopy
  capistrano-scm-local (~> 0.1)
  slackistrano
